{
  "AcquisitionMatrixPE": 96,
  "AcquisitionNumber": 1,
  "AcquisitionTime": "14:04:50.525000",
  "BandwidthPerPixelPhaseEncode": 16.276,
  "BaseResolution": 96,
  "BodyPartExamined": "BRAIN",
  "ConsistencyInfo": "N4_VE11C_LATEST_20160120",
  "ConversionSoftware": "dcm2niix",
  "ConversionSoftwareVersion": "v1.0.20190410  GCC6.3.0",
  "DerivedVendorReportedEchoSpacing": 0.000640002,
  "DeviceSerialNumber": "66044",
  "EchoTime": 0.0302,
  "EchoTrainLength": 84,
  "EffectiveEchoSpacing": 0.000640002,
  "FlipAngle": 90,
  "ImageComments": "Unaliased_MB3_PE3_BPD0125B@mackeylab:BPD_data",
  "ImageOrientationPatientDICOM": [0.999473, -0.0313977, 0.00829488, 0.0312351, 0.99933, 0.0190537],
  "ImageType": [
    "ORIGINAL",
    "PRIMARY",
    "M",
    "MB",
    "ND",
    "MOSAIC"
],
  "ImagingFrequency": 123.255,
  "InPlanePhaseEncodingDirectionDICOM": "COL",
  "InstitutionAddress": "Curie_Blvd._422_Philadelphia_PA_US_19104",
  "InstitutionName": "SC3T",
  "MRAcquisitionType": "2D",
  "MagneticFieldStrength": 3,
  "Manufacturer": "Siemens",
  "ManufacturersModelName": "Prisma",
  "Modality": "MR",
  "MultibandAccelerationFactor": 3,
  "PartialFourier": 0.875,
  "PatientPosition": "HFS",
  "PercentPhaseFOV": 100,
  "PhaseEncodingDirection": "j-",
  "PhaseEncodingSteps": 84,
  "PhaseResolution": 1,
  "PixelBandwidth": 1860,
  "ProcedureStepDescription": "CAMRIS_Mackey",
  "ProtocolName": "BOLD_resting1",
  "PulseSequenceDetails": "%CustomerSeq%_cmrr_mbep2d_bold",
  "ReceiveCoilActiveElements": "HEA;HEP",
  "ReceiveCoilName": "Head_32",
  "ReconMatrixPE": 96,
  "RepetitionTime": 2,
  "SAR": 0.0987374,
  "ScanOptions": "PFP_FS_EXT",
  "ScanningSequence": "EP",
  "SequenceName": "epfid2d1_96",
  "SequenceVariant": "SK_SS",
  "SeriesDescription": "BOLD_resting1",
  "SeriesNumber": 11,
  "ShimSetting": [3788, 2745, 534, 298, -135, -6, -133, 57],
  "SliceThickness": 2,
  "SliceTiming": [0, 0.0775, 0.1575, 0.2375, 0.315, 0.395, 0.475, 0.5525, 0.6325, 0.7125, 0.79, 0.87, 0.95, 1.03, 1.1075, 1.1875, 1.2675, 1.345, 1.425, 1.505, 1.5825, 1.6625, 1.7425, 1.82, 1.9, 0, 0.0775, 0.1575, 0.2375, 0.315, 0.395, 0.475, 0.5525, 0.6325, 0.7125, 0.79, 0.87, 0.95, 1.03, 1.1075, 1.1875, 1.2675, 1.345, 1.425, 1.505, 1.5825, 1.6625, 1.7425, 1.82, 1.9, 0, 0.0775, 0.1575, 0.2375, 0.315, 0.395, 0.475, 0.5525, 0.6325, 0.7125, 0.79, 0.87, 0.95, 1.03, 1.1075, 1.1875, 1.2675, 1.345, 1.425, 1.505, 1.5825, 1.6625, 1.7425, 1.82, 1.9],
  "SoftwareVersions": "syngo_MR_E11",
  "SpacingBetweenSlices": 2,
  "StationName": "AWP66044",
  "TaskName": "rest",
  "TotalReadoutTime": 0.0608002,
  "TxRefAmp": 262.007,
  "WipMemBlock": "2e067be9-82d3-40c6-b1ce-0ebbc118feb6||Sequence: R016 ve11c/master r/e634e98; Dec 19 2017 11:00:25 by eja"
}