{
  "AcquisitionMatrixPE": 96,
  "AcquisitionNumber": 1,
  "AcquisitionTime": "13:35:51.262500",
  "BandwidthPerPixelPhaseEncode": 16.276,
  "BaseResolution": 96,
  "BodyPartExamined": "BRAIN",
  "ConsistencyInfo": "N4_VD13D_LATEST_20130810",
  "ConversionSoftware": "dcm2niix",
  "ConversionSoftwareVersion": "v1.0.20190410  GCC6.3.0",
  "DerivedVendorReportedEchoSpacing": 0.000640002,
  "DeviceSerialNumber": "66044",
  "EchoTime": 0.03,
  "EchoTrainLength": 72,
  "EffectiveEchoSpacing": 0.000640002,
  "FlipAngle": 45,
  "ImageComments": "Unaliased_MB3_PE3",
  "ImageOrientationPatientDICOM": [0.99884, 0.0148705, 0.0458058, -0.0154942, 0.999792, 0.0132895],
  "ImageType": [
    "ORIGINAL",
    "PRIMARY",
    "M",
    "MB",
    "ND",
    "NORM",
    "MOSAIC"
],
  "ImagingFrequency": 123.255,
  "InPlanePhaseEncodingDirectionDICOM": "COL",
  "InstitutionAddress": "Curie_Blvd._422_Philadelphia_PA_US_19104",
  "InstitutionName": "University_of_Pennsylvania",
  "MRAcquisitionType": "2D",
  "MagneticFieldStrength": 3,
  "Manufacturer": "Siemens",
  "ManufacturersModelName": "Prisma",
  "Modality": "MR",
  "MultibandAccelerationFactor": 3,
  "PartialFourier": 0.75,
  "PatientPosition": "HFS",
  "PercentPhaseFOV": 100,
  "PhaseEncodingDirection": "j-",
  "PhaseEncodingSteps": 72,
  "PhaseResolution": 1,
  "PixelBandwidth": 1860,
  "ProcedureStepDescription": "CAMRIS_Mackey",
  "ProtocolName": "BOLD_n_back",
  "PulseSequenceDetails": "%CustomerSeq%_cmrr_mbep2d_bold",
  "ReceiveCoilActiveElements": "HEA;HEP",
  "ReceiveCoilName": "Head_32",
  "ReconMatrixPE": 96,
  "RepetitionTime": 2,
  "SAR": 0.0658743,
  "ScanOptions": "PFP_FS_EXT",
  "ScanningSequence": "EP",
  "SequenceName": "epfid2d1_96",
  "SequenceVariant": "SK_SS",
  "SeriesDescription": "BOLD_n_back",
  "SeriesNumber": 14,
  "ShimSetting": [3823, 2886, 520, 123, 42, 178, -230, 25],
  "SliceThickness": 2,
  "SliceTiming": [0, 0.08, 0.16, 0.2375, 0.3175, 0.3975, 0.475, 0.555, 0.635, 0.7125, 0.7925, 0.8725, 0.95, 1.03, 1.11, 1.1875, 1.2675, 1.3475, 1.425, 1.505, 1.585, 1.6625, 1.7425, 1.8225, 1.9, 0, 0.08, 0.16, 0.2375, 0.3175, 0.3975, 0.475, 0.555, 0.635, 0.7125, 0.7925, 0.8725, 0.95, 1.03, 1.11, 1.1875, 1.2675, 1.3475, 1.425, 1.505, 1.585, 1.6625, 1.7425, 1.8225, 1.9, 0, 0.08, 0.16, 0.2375, 0.3175, 0.3975, 0.475, 0.555, 0.635, 0.7125, 0.7925, 0.8725, 0.95, 1.03, 1.11, 1.1875, 1.2675, 1.3475, 1.425, 1.505, 1.585, 1.6625, 1.7425, 1.8225, 1.9],
  "SoftwareVersions": "syngo_MR_D13D",
  "SpacingBetweenSlices": 2,
  "StationName": "AWP66044",
  "TaskName": "nback",
  "TotalReadoutTime": 0.0608002,
  "TxRefAmp": 251.347,
  "WipMemBlock": "b31bb5df-6b76-400a-8880-a99fc61aa9d6||Sequence: vd13d/master r/0d08c20; Mar  9 2017 09:28:48 by eja"
}