{
  "AcquisitionMatrixPE": 96,
  "AcquisitionNumber": 1,
  "AcquisitionTime": "10:53:27.145000",
  "BandwidthPerPixelPhaseEncode": 16.276,
  "BaseResolution": 96,
  "BodyPartExamined": "BRAIN",
  "ConsistencyInfo": "N4_VE11C_LATEST_20160120",
  "ConversionSoftware": "dcm2niix",
  "ConversionSoftwareVersion": "v1.0.20190410  GCC6.3.0",
  "DerivedVendorReportedEchoSpacing": 0.000640002,
  "DeviceSerialNumber": "66044",
  "EchoTime": 0.0302,
  "EchoTrainLength": 84,
  "EffectiveEchoSpacing": 0.000640002,
  "FlipAngle": 90,
  "ImageComments": "Unaliased_MB3_PE3",
  "ImageOrientationPatientDICOM": [0.994318, -0.00561594, 0.106298, 0.00416501, 0.999895, 0.0138667],
  "ImageType": [
    "ORIGINAL",
    "PRIMARY",
    "M",
    "MB",
    "ND",
    "MOSAIC"
],
  "ImagingFrequency": 123.255,
  "InPlanePhaseEncodingDirectionDICOM": "COL",
  "InstitutionAddress": "Curie_Blvd._422_Philadelphia_PA_US_19104",
  "InstitutionName": "SC3T",
  "MRAcquisitionType": "2D",
  "MagneticFieldStrength": 3,
  "Manufacturer": "Siemens",
  "ManufacturersModelName": "Prisma",
  "Modality": "MR",
  "MultibandAccelerationFactor": 3,
  "PartialFourier": 0.875,
  "PatientPosition": "HFS",
  "PercentPhaseFOV": 100,
  "PhaseEncodingDirection": "j-",
  "PhaseEncodingSteps": 84,
  "PhaseResolution": 1,
  "PixelBandwidth": 1860,
  "ProcedureStepDescription": "CAMRIS_Mackey",
  "ProtocolName": "BOLD_resting1",
  "PulseSequenceDetails": "%CustomerSeq%_cmrr_mbep2d_bold",
  "ReceiveCoilActiveElements": "HEA;HEP",
  "ReceiveCoilName": "Head_32",
  "ReconMatrixPE": 96,
  "RepetitionTime": 2,
  "SAR": 0.0958285,
  "ScanOptions": "PFP_FS_EXT",
  "ScanningSequence": "EP",
  "SequenceName": "epfid2d1_96",
  "SequenceVariant": "SK_SS",
  "SeriesDescription": "BOLD_resting1",
  "SeriesNumber": 21,
  "ShimSetting": [3816, 2731, 484, 363, -108, -35, -167, -41],
  "SliceThickness": 2,
  "SliceTiming": [0, 0.08, 0.16, 0.2375, 0.3175, 0.3975, 0.475, 0.555, 0.635, 0.7125, 0.7925, 0.8725, 0.95, 1.03, 1.11, 1.1875, 1.2675, 1.3475, 1.425, 1.505, 1.585, 1.6625, 1.7425, 1.8225, 1.9, 0, 0.08, 0.16, 0.2375, 0.3175, 0.3975, 0.475, 0.555, 0.635, 0.7125, 0.7925, 0.8725, 0.95, 1.03, 1.11, 1.1875, 1.2675, 1.3475, 1.425, 1.505, 1.585, 1.6625, 1.7425, 1.8225, 1.9, 0, 0.08, 0.16, 0.2375, 0.3175, 0.3975, 0.475, 0.555, 0.635, 0.7125, 0.7925, 0.8725, 0.95, 1.03, 1.11, 1.1875, 1.2675, 1.3475, 1.425, 1.505, 1.585, 1.6625, 1.7425, 1.8225, 1.9],
  "SoftwareVersions": "syngo_MR_E11",
  "SpacingBetweenSlices": 2,
  "StationName": "AWP66044",
  "TaskName": "rest",
  "TotalReadoutTime": 0.0608002,
  "TxRefAmp": 241.271,
  "WipMemBlock": "5204d61c-e022-4732-ad83-8be03a2898e5||Sequence: R016 ve11c/master r/e634e98; Dec 19 2017 11:00:25 by eja"
}